GIT
  remote: https://github.com/AEgan/sports_data_api.git
  revision: 7ea7d3944645c5afed7e57354d6c230c70858f8e
  branch: all_updates
  specs:
    sports_data_api (0.1.0)
      nokogiri (~> 1.5.5)
      rest-client (~> 1.6.7)

GEM
  remote: https://rubygems.org/
  specs:
    activemodel (3.2.20)
      activesupport (= 3.2.20)
      builder (~> 3.0.0)
    activesupport (3.2.20)
      i18n (~> 0.6, >= 0.6.4)
      multi_json (~> 1.0)
    bcrypt (3.1.7)
    bond (0.5.1)
    bson (1.11.1)
    bson_ext (1.11.1)
      bson (~> 1.11.1)
    builder (3.0.4)
    i18n (0.6.11)
    json (1.8.1)
    mime-types (1.25.1)
    mongo (1.11.1)
      bson (= 1.11.1)
    mongoid (3.0.23)
      activemodel (~> 3.1)
      moped (~> 1.2)
      origin (~> 1.0)
      tzinfo (~> 0.3.22)
    moped (1.5.2)
    multi_json (1.10.1)
    nokogiri (1.5.11)
    origin (1.1.0)
    pg (0.17.1)
    rack (1.5.2)
    rack-protection (1.5.3)
      rack
    rack-test (0.6.2)
      rack (>= 1.0)
    rdoc (4.1.2)
      json (~> 1.4)
    rest-client (1.6.8)
      mime-types (~> 1.16)
      rdoc (>= 2.4.2)
    ripl (0.7.1)
      bond (~> 0.5.1)
    ripl-multi_line (0.3.1)
      ripl (>= 0.3.6)
    ripl-rack (0.2.1)
      rack (>= 1.0)
      rack-test (~> 0.6.2)
      ripl (>= 0.7.0)
    sinatra (1.4.5)
      rack (~> 1.4)
      rack-protection (~> 1.4)
      tilt (~> 1.3, >= 1.3.4)
    sinatra-flash (0.3.0)
      sinatra (>= 1.0.0)
    sinatra-redirect-with-flash (0.2.1)
      sinatra (>= 1.0.0)
    sqlite3 (1.3.10)
    tilt (1.4.1)
    tux (0.3.0)
      ripl (>= 0.3.5)
      ripl-multi_line (>= 0.2.4)
      ripl-rack (>= 0.2.0)
      sinatra (>= 1.2.1)
    tzinfo (0.3.42)

PLATFORMS
  ruby

DEPENDENCIES
  bcrypt
  bson_ext
  json
  mongo
  mongoid (~> 3.0.0)
  moped
  pg
  sinatra
  sinatra-flash
  sinatra-redirect-with-flash
  sports_data_api!
  sqlite3
  tux
